GEM
  remote: http://rubygems.org/
  specs:
    dbi-dbrc (1.1.8)
      sys-admin (>= 1.5.2)
    soap4r-ruby1.9 (2.0.0)
    sys-admin (1.5.6)
    test-unit (2.3.2)

PLATFORMS
  ruby

DEPENDENCIES
  dbi-dbrc
  soap4r-ruby1.9 (= 2.0.0)
  test-unit
